GEM
  remote: https://rubygems.org/
  specs:
    liquid (5.4.0)
    mustermann (3.0.0)
      ruby2_keywords (~> 0.0.1)
    rack (2.2.7)
    rack-cors (2.0.1)
      rack (>= 2.0.0)
    rack-protection (3.0.6)
      rack
    ruby2_keywords (0.0.5)
    sequel (5.68.0)
    sinatra (3.0.6)
      mustermann (~> 3.0)
      rack (~> 2.2, >= 2.2.4)
      rack-protection (= 3.0.6)
      tilt (~> 2.0)
    sqlite3 (1.6.2-x86_64-linux)
    tilt (2.1.0)

PLATFORMS
  x86_64-linux

DEPENDENCIES
  liquid
  rack-cors
  sequel
  sinatra
  sqlite3

BUNDLED WITH
   2.4.6
